GEM
  remote: https://rubygems.org/
  specs:
    httparty (0.11.0)
      multi_json (~> 1.0)
      multi_xml (>= 0.5.2)
    multi_json (1.7.7)
    multi_xml (0.5.4)
    rake (10.1.0)
    safe_yaml (0.9.4)
    tachikoma (3.0.1)
      httparty
      multi_json
      rake
      safe_yaml

PLATFORMS
  ruby

DEPENDENCIES
  tachikoma
