GIT
  remote: git://github.com/sanemat/tachikoma.git
  revision: 497879ae86cc7e4933edb1ae6e36fd31c8617513
  specs:
    tachikoma (5.1.0)
      octokit (>= 3.2, < 5.0)
      rake
      restore_bundled_with
      safe_yaml
      thor

GEM
  remote: https://rubygems.org/
  specs:
    addressable (2.5.0)
      public_suffix (~> 2.0, >= 2.0.2)
    faraday (0.11.0)
      multipart-post (>= 1.2, < 3)
    git (1.3.0)
    multipart-post (2.0.0)
    octokit (4.6.2)
      sawyer (~> 0.8.0, >= 0.5.3)
    oj (2.18.2)
    public_suffix (2.0.5)
    rake (12.0.0)
    restore_bundled_with (1.0.0)
      git
      thor
    safe_yaml (1.0.4)
    sawyer (0.8.1)
      addressable (>= 2.3.5, < 2.6)
      faraday (~> 0.8, < 1.0)
    thor (0.19.4)

PLATFORMS
  ruby

DEPENDENCIES
  oj
  tachikoma!
