GIT
  remote: git://github.com/sanemat/tachikoma.git
  revision: bf8163ea01a545f02389f5ec06586655f7eaadf3
  specs:
    tachikoma (4.0.0.beta)
      json
      octokit (>= 2, < 3)
      rake
      safe_yaml

GEM
  remote: https://rubygems.org/
  specs:
    addressable (2.3.5)
    faraday (0.8.8)
      multipart-post (~> 1.2.0)
    json (1.8.1)
    multipart-post (1.2.0)
    octokit (2.5.0)
      sawyer (~> 0.5.1)
    oj (2.1.7)
    rake (10.1.0)
    safe_yaml (0.9.7)
    sawyer (0.5.1)
      addressable (~> 2.3.5)
      faraday (~> 0.8, < 0.10)

PLATFORMS
  ruby

DEPENDENCIES
  oj
  tachikoma!
