GIT
  remote: git://github.com/sanemat/tachikoma.git
  revision: 7151b909aa269591d4ede6e8fc60979e49f3f869
  specs:
    tachikoma (4.2.2.beta)
      json
      octokit (>= 3.2, < 4.0)
      rake
      safe_yaml
      thor

GEM
  remote: https://rubygems.org/
  specs:
    addressable (2.3.6)
    faraday (0.9.0)
      multipart-post (>= 1.2, < 3)
    json (1.8.1)
    multipart-post (2.0.0)
    octokit (3.5.2)
      sawyer (~> 0.5.3)
    oj (2.10.4)
    rake (12.3.3)
    safe_yaml (1.0.4)
    sawyer (0.5.5)
      addressable (~> 2.3.5)
      faraday (~> 0.8, < 0.10)
    thor (0.19.1)

PLATFORMS
  ruby

DEPENDENCIES
  oj
  tachikoma!
