GIT
  remote: git://github.com/sanemat/tachikoma.git
  revision: d1887b725b43b0956fa87f4d8ba87a97d059b09c
  specs:
    tachikoma (2.1.3.beta)
      httparty
      multi_json
      rake
      safe_yaml

GEM
  remote: https://rubygems.org/
  specs:
    httparty (0.11.0)
      multi_json (~> 1.0)
      multi_xml (>= 0.5.2)
    multi_json (1.7.7)
    multi_xml (0.5.4)
    rake (10.1.0)
    safe_yaml (0.9.3)

PLATFORMS
  ruby

DEPENDENCIES
  tachikoma!
