GIT
  remote: git://github.com/sanemat/tachikoma.git
  revision: d04bf7449480306c7d140e3da020c9c374aa2337
  specs:
    tachikoma (4.0.4.beta)
      json
      octokit (~> 3.0.0)
      rake
      safe_yaml
      thor

GEM
  remote: https://rubygems.org/
  specs:
    addressable (2.3.6)
    faraday (0.9.0)
      multipart-post (>= 1.2, < 3)
    json (1.8.1)
    multipart-post (2.0.0)
    octokit (3.0.0)
      sawyer (~> 0.5.3)
    oj (2.7.3)
    rake (10.2.2)
    safe_yaml (1.0.2)
    sawyer (0.5.4)
      addressable (~> 2.3.5)
      faraday (~> 0.8, < 0.10)
    thor (0.19.1)

PLATFORMS
  ruby

DEPENDENCIES
  oj
  tachikoma!
