GIT
  remote: git://github.com/sanemat/tachikoma.git
  revision: b5044983eebcc75ebeefe90d54634c5f9107715d
  specs:
    tachikoma (4.1.0.beta)
      json
      octokit (>= 3.2, < 3.3)
      rake
      safe_yaml
      thor

GEM
  remote: https://rubygems.org/
  specs:
    addressable (2.3.6)
    faraday (0.9.0)
      multipart-post (>= 1.2, < 3)
    json (1.8.1)
    multipart-post (2.0.0)
    octokit (3.2.0)
      sawyer (~> 0.5.3)
    oj (2.9.9)
    rake (10.3.2)
    safe_yaml (1.0.3)
    sawyer (0.5.4)
      addressable (~> 2.3.5)
      faraday (~> 0.8, < 0.10)
    thor (0.19.1)

PLATFORMS
  ruby

DEPENDENCIES
  oj
  tachikoma!
