GIT
  remote: git://github.com/sanemat/tachikoma.git
  revision: 0c477cea399180e0dc0455b31d685efdbee0f3af
  specs:
    tachikoma (4.2.7.beta)
      json
      octokit (>= 3.2, < 5.0)
      rake
      restore_bundled_with
      safe_yaml
      thor

GEM
  remote: https://rubygems.org/
  specs:
    addressable (2.4.0)
    faraday (0.9.2)
      multipart-post (>= 1.2, < 3)
    git (1.3.0)
    json (2.0.1)
    multipart-post (2.0.0)
    octokit (4.3.0)
      sawyer (~> 0.7.0, >= 0.5.3)
    oj (2.17.1)
    rake (11.2.2)
    restore_bundled_with (0.3.0)
      git
      thor
    safe_yaml (1.0.4)
    sawyer (0.7.0)
      addressable (>= 2.3.5, < 2.5)
      faraday (~> 0.8, < 0.10)
    thor (0.19.1)

PLATFORMS
  ruby

DEPENDENCIES
  oj
  tachikoma!
