GEM
  remote: https://rubygems.org/
  specs:
    faraday (0.8.8)
      multipart-post (~> 1.2.0)
    json (1.8.0)
    multipart-post (1.2.0)
    octokit (2.1.1)
      sawyer (~> 0.3.0)
    oj (2.1.4)
    rake (10.1.0)
    safe_yaml (0.9.5)
    sawyer (0.3.0)
      faraday (~> 0.8, < 0.10)
      uri_template (~> 0.5.0)
    tachikoma (3.0.7)
      json
      octokit
      rake
      safe_yaml
    uri_template (0.5.3)

PLATFORMS
  ruby

DEPENDENCIES
  oj
  tachikoma
