GIT
  remote: git://github.com/sanemat/tachikoma.git
  revision: b40c49d3b2c00b099661eb63f9e2417e601b6f36
  specs:
    tachikoma (4.0.2.beta)
      json
      octokit (>= 2, < 3)
      rake
      safe_yaml

GEM
  remote: https://rubygems.org/
  specs:
    addressable (2.3.5)
    faraday (0.8.8)
      multipart-post (~> 1.2.0)
    json (1.8.1)
    multipart-post (1.2.0)
    octokit (2.6.3)
      sawyer (~> 0.5.1)
    oj (2.4.2)
    rake (10.1.0)
    safe_yaml (0.9.7)
    sawyer (0.5.1)
      addressable (~> 2.3.5)
      faraday (~> 0.8, < 0.10)

PLATFORMS
  ruby

DEPENDENCIES
  oj
  tachikoma!
