GIT
  remote: git://github.com/sanemat/tachikoma.git
  revision: 8aab0a7eb21be24f9f243a42631f0b0faa082c0a
  specs:
    tachikoma (4.2.2.beta)
      json
      octokit (>= 3.2, < 3.4)
      rake
      safe_yaml
      thor

GEM
  remote: https://rubygems.org/
  specs:
    addressable (2.3.6)
    faraday (0.9.0)
      multipart-post (>= 1.2, < 3)
    json (1.8.1)
    multipart-post (2.0.0)
    octokit (3.3.1)
      sawyer (~> 0.5.3)
    oj (2.10.4)
    rake (10.3.2)
    safe_yaml (1.0.4)
    sawyer (0.5.5)
      addressable (~> 2.3.5)
      faraday (~> 0.8, < 0.10)
    thor (0.19.1)

PLATFORMS
  ruby

DEPENDENCIES
  oj
  tachikoma!
