GIT
  remote: git://github.com/sanemat/tachikoma.git
  revision: 181100941661b8310056f061ea81316872bcb0f0
  specs:
    tachikoma (4.2.7.beta)
      json
      octokit (>= 3.2, < 5.0)
      rake
      restore_bundled_with
      safe_yaml
      thor

GEM
  remote: https://rubygems.org/
  specs:
    addressable (2.3.8)
    faraday (0.9.1)
      multipart-post (>= 1.2, < 3)
    git (1.2.9.1)
    json (1.8.3)
    multipart-post (2.0.0)
    octokit (4.0.1)
      sawyer (~> 0.6.0, >= 0.5.3)
    oj (2.12.9)
    rake (10.4.2)
    restore_bundled_with (0.3.0)
      git
      thor
    safe_yaml (1.0.4)
    sawyer (0.6.0)
      addressable (~> 2.3.5)
      faraday (~> 0.8, < 0.10)
    thor (0.19.1)

PLATFORMS
  ruby

DEPENDENCIES
  oj
  tachikoma!
