GIT
  remote: git://github.com/sanemat/tachikoma.git
  revision: bf12bb1017ef68f245373df20ce708bebb90bdba
  specs:
    tachikoma (4.0.4.beta)
      json
      octokit (>= 2, < 3)
      rake
      safe_yaml
      thor

GEM
  remote: https://rubygems.org/
  specs:
    addressable (2.3.5)
    faraday (0.9.0)
      multipart-post (>= 1.2, < 3)
    json (1.8.1)
    multipart-post (2.0.0)
    octokit (2.7.0)
      sawyer (~> 0.5.2)
    oj (2.5.4)
    rake (10.1.1)
    safe_yaml (1.0.1)
    sawyer (0.5.3)
      addressable (~> 2.3.5)
      faraday (~> 0.8, < 0.10)
    thor (0.18.1)

PLATFORMS
  ruby

DEPENDENCIES
  oj
  tachikoma!
