GIT
  remote: git://github.com/sanemat/tachikoma.git
  revision: 3cbbfbcf4bbf510c402615b9a179a210aac73eb9
  specs:
    tachikoma (4.0.3.beta)
      json
      octokit (>= 2, < 3)
      rake
      safe_yaml
      thor

GEM
  remote: https://rubygems.org/
  specs:
    addressable (2.3.5)
    faraday (0.8.8)
      multipart-post (~> 1.2.0)
    json (1.8.1)
    multipart-post (1.2.0)
    octokit (2.7.0)
      sawyer (~> 0.5.2)
    oj (2.5.1)
    rake (10.1.1)
    safe_yaml (0.9.7)
    sawyer (0.5.2)
      addressable (~> 2.3.5)
      faraday (~> 0.8, < 0.10)
    thor (0.18.1)

PLATFORMS
  ruby

DEPENDENCIES
  oj
  tachikoma!
