GIT
  remote: git://github.com/sanemat/tachikoma.git
  revision: de5382d15b08cfe0dea977217747b95404837203
  specs:
    tachikoma (4.2.4.beta)
      json
      octokit (>= 3.2, < 4.0)
      rake
      safe_yaml
      thor

GEM
  remote: https://rubygems.org/
  specs:
    addressable (2.3.6)
    faraday (0.9.1)
      multipart-post (>= 1.2, < 3)
    json (1.8.2)
    multipart-post (2.0.0)
    octokit (3.7.0)
      sawyer (~> 0.6.0, >= 0.5.3)
    oj (2.11.4)
    rake (10.4.2)
    safe_yaml (1.0.4)
    sawyer (0.6.0)
      addressable (~> 2.3.5)
      faraday (~> 0.8, < 0.10)
    thor (0.19.1)

PLATFORMS
  ruby

DEPENDENCIES
  oj
  tachikoma!
