GIT
  remote: git://github.com/sanemat/tachikoma.git
  revision: 84c9987f199d31ff9f913d0ddc99562a966cd818
  specs:
    tachikoma (3.0.10.beta)
      json
      octokit (>= 2, < 3)
      rake
      safe_yaml

GEM
  remote: https://rubygems.org/
  specs:
    addressable (2.3.5)
    faraday (0.8.8)
      multipart-post (~> 1.2.0)
    json (1.8.0)
    multipart-post (1.2.0)
    octokit (2.1.2)
      sawyer (~> 0.5.0)
    oj (2.1.4)
    rake (10.1.0)
    safe_yaml (0.9.7)
    sawyer (0.5.0)
      addressable (~> 2.3.5)
      faraday (~> 0.8, < 0.10)

PLATFORMS
  ruby

DEPENDENCIES
  oj
  tachikoma!
