GIT
  remote: git://github.com/sanemat/tachikoma.git
  revision: ec251e61adc687ae0589e5283f1773ece07521c0
  specs:
    tachikoma (5.2.0)
      octokit (>= 3.2, < 5.0)
      rake
      restore_bundled_with
      safe_yaml
      thor

GEM
  remote: https://rubygems.org/
  specs:
    addressable (2.5.2)
      public_suffix (>= 2.0.2, < 4.0)
    faraday (0.15.3)
      multipart-post (>= 1.2, < 3)
    git (1.5.0)
    multipart-post (2.0.0)
    octokit (4.12.0)
      sawyer (~> 0.8.0, >= 0.5.3)
    oj (3.6.10)
    public_suffix (3.0.3)
    rake (12.3.1)
    restore_bundled_with (1.0.0)
      git
      thor
    safe_yaml (1.0.4)
    sawyer (0.8.1)
      addressable (>= 2.3.5, < 2.6)
      faraday (~> 0.8, < 1.0)
    thor (0.20.0)

PLATFORMS
  ruby

DEPENDENCIES
  oj
  tachikoma!
